GEM
  remote: http://rubygems.org/
  specs:
    dotify (0.6.6)
      git (~> 1.2.5)
      multi_json (~> 1.3.6)
      thor (~> 0.15.4)
    git (1.2.5)
    multi_json (1.3.7)
    thor (0.15.4)

PLATFORMS
  ruby

DEPENDENCIES
  dotify
